GEM
  remote: http://rubygems.org/
  specs:
    RedCloth (4.2.8)
    actionmailer (2.3.11)
      actionpack (= 2.3.11)
    actionpack (2.3.11)
      activesupport (= 2.3.11)
      rack (~> 1.1.0)
    activerecord (2.3.11)
      activesupport (= 2.3.11)
    activeresource (2.3.11)
      activesupport (= 2.3.11)
    activesupport (2.3.11)
    acts_as_list (0.1.4)
    acts_as_tree (0.1.1)
    authlogic (2.1.6)
      activesupport
    formtastic (0.9.7)
      actionpack (>= 2.3.0)
      activesupport (>= 2.3.0)
    has_scope (0.5.1)
    inherited_resources (1.0.0)
      has_scope (>= 0.3)
      responders (>= 0.2)
    mysql (2.8.1)
    nokogiri (1.5.0)
    paperclip (2.3.11)
      activerecord (>= 2.3.0)
      activesupport (>= 2.3.2)
    path_finder (1.0.0)
    qcms (1.3.10)
    qcore (1.2.0)
    rack (1.1.2)
    rails (2.3.11)
      actionmailer (= 2.3.11)
      actionpack (= 2.3.11)
      activerecord (= 2.3.11)
      activeresource (= 2.3.11)
      activesupport (= 2.3.11)
      rake (>= 0.8.3)
    rake (0.9.2)
    responders (0.4)
    rspec (1.3.2)
    rspec-rails (1.3.2)
      rack (>= 1.0.0)
      rspec (>= 1.3.0)
    sanitize (2.0.3)
      nokogiri (< 1.6, >= 1.4.4)
    searchlogic (2.5.6)
      activerecord (~> 2.3.11)
      activerecord (~> 2.3.11)
    settingslogic (2.0.6)
    state_machine (0.8.0)
    will_paginate (2.3.16)

PLATFORMS
  ruby

DEPENDENCIES
  RedCloth
  acts_as_list
  acts_as_tree
  authlogic (= 2.1.6)
  formtastic (= 0.9.7)
  inherited_resources (= 1.0.0)
  mysql
  paperclip (= 2.3.11)
  path_finder (~> 1.0)
  qcms (~> 1.0)
  qcore (~> 1.0)
  rails (= 2.3.11)
  responders (= 0.4.0)
  rspec (= 1.3.2)
  rspec-rails (= 1.3.2)
  sanitize
  searchlogic (~> 2.0)
  settingslogic (~> 2.0)
  state_machine (= 0.8.0)
  will_paginate (~> 2.3.11)
